GEM
  remote: https://rubygems.org/
  specs:
    addressable (2.8.5)
      public_suffix (>= 2.0.2, < 6.0)
    diff-lcs (1.5.0)
    dotenv (2.8.1)
    launchy (2.5.2)
      addressable (~> 2.8)
    public_suffix (5.0.3)
    rspec (3.12.0)
      rspec-core (~> 3.12.0)
      rspec-expectations (~> 3.12.0)
      rspec-mocks (~> 3.12.0)
    rspec-core (3.12.2)
      rspec-support (~> 3.12.0)
    rspec-expectations (3.12.3)
      diff-lcs (>= 1.2.0, < 2.0)
      rspec-support (~> 3.12.0)
    rspec-mocks (3.12.6)
      diff-lcs (>= 1.2.0, < 2.0)
      rspec-support (~> 3.12.0)
    rspec-support (3.12.1)

PLATFORMS
  x86_64-linux

DEPENDENCIES
  dotenv
  launchy
  rspec

RUBY VERSION
   ruby 3.2.2p53

BUNDLED WITH
   2.4.20
